GIT
  remote: https://github.com/dekaikiwi/middleman-dokku
  revision: 9d8e4f8405b14bde0271c3c0ec4815fe868256db
  branch: bump-dependency-versions
  specs:
    middleman-dokku (0.1.0)
      puma (~> 3.12)
      rake (~> 12.3.2)

GEM
  remote: https://rubygems.org/
  specs:
    activesupport (5.2.8.1)
      concurrent-ruby (~> 1.0, >= 1.0.2)
      i18n (>= 0.7, < 2)
      minitest (~> 5.1)
      tzinfo (~> 1.1)
    addressable (2.8.0)
      public_suffix (>= 2.0.2, < 5.0)
    autoprefixer-rails (9.5.1)
      execjs
    backports (3.23.0)
    coffee-script (2.4.1)
      coffee-script-source
      execjs
    coffee-script-source (1.12.2)
    concurrent-ruby (1.1.10)
    contracts (0.13.0)
    dotenv (2.7.6)
    erubis (2.7.0)
    execjs (2.8.1)
    faraday (1.5.1)
      faraday-em_http (~> 1.0)
      faraday-em_synchrony (~> 1.0)
      faraday-excon (~> 1.1)
      faraday-httpclient (~> 1.0.1)
      faraday-net_http (~> 1.0)
      faraday-net_http_persistent (~> 1.1)
      faraday-patron (~> 1.0)
      multipart-post (>= 1.2, < 3)
      ruby2_keywords (>= 0.0.4)
    faraday-em_http (1.0.0)
    faraday-em_synchrony (1.0.0)
    faraday-excon (1.1.0)
    faraday-httpclient (1.0.1)
    faraday-net_http (1.0.1)
    faraday-net_http_persistent (1.2.0)
    faraday-patron (1.0.0)
    fast_blank (1.0.1)
    fastimage (2.2.6)
    ffi (1.15.5)
    haml (5.2.2)
      temple (>= 0.8.0)
      tilt
    hamster (3.0.0)
      concurrent-ruby (~> 1.0)
    hashie (3.6.0)
    i18n (0.9.5)
      concurrent-ruby (~> 1.0)
    kramdown (2.4.0)
      rexml
    listen (3.0.8)
      rb-fsevent (~> 0.9, >= 0.9.4)
      rb-inotify (~> 0.9, >= 0.9.7)
    memoist (0.16.2)
    middleman (4.3.11)
      coffee-script (~> 2.2)
      haml (>= 4.0.5)
      kramdown (>= 2.3.0)
      middleman-cli (= 4.3.11)
      middleman-core (= 4.3.11)
    middleman-autoprefixer (2.10.1)
      autoprefixer-rails (~> 9.1)
      middleman-core (>= 3.3.3)
    middleman-cli (4.3.11)
      thor (>= 0.17.0, < 2.0)
    middleman-core (4.3.11)
      activesupport (>= 4.2, < 6.0)
      addressable (~> 2.3)
      backports (~> 3.6)
      bundler
      contracts (~> 0.13.0)
      dotenv
      erubis
      execjs (~> 2.0)
      fast_blank
      fastimage (~> 2.0)
      hamster (~> 3.0)
      hashie (~> 3.4)
      i18n (~> 0.9.0)
      listen (~> 3.0.0)
      memoist (~> 0.14)
      padrino-helpers (~> 0.13.0)
      parallel
      rack (>= 1.4.5, < 3)
      sassc (~> 2.0)
      servolux
      tilt (~> 2.0.9)
      uglifier (~> 3.0)
    minitest (5.16.2)
    multipart-post (2.1.1)
    octokit (4.14.0)
      sawyer (~> 0.8.0, >= 0.5.3)
    padrino-helpers (0.13.3.4)
      i18n (~> 0.6, >= 0.6.7)
      padrino-support (= 0.13.3.4)
      tilt (>= 1.4.1, < 3)
    padrino-support (0.13.3.4)
      activesupport (>= 3.1)
    parallel (1.22.1)
    public_suffix (4.0.7)
    puma (3.12.6)
    rack (2.2.4)
    rake (12.3.3)
    rb-fsevent (0.11.1)
    rb-inotify (0.10.1)
      ffi (~> 1.0)
    rexml (3.2.5)
    ruby2_keywords (0.0.4)
    sassc (2.4.0)
      ffi (~> 1.9)
    sawyer (0.8.2)
      addressable (>= 2.3.5)
      faraday (> 0.8, < 2.0)
    servolux (0.13.0)
    temple (0.8.2)
    thor (1.2.1)
    thread_safe (0.3.6)
    tilt (2.0.11)
    tzinfo (1.2.10)
      thread_safe (~> 0.1)
    uglifier (3.2.0)
      execjs (>= 0.3.0, < 3)

PLATFORMS
  ruby

DEPENDENCIES
  kramdown
  middleman (~> 4.3)
  middleman-autoprefixer (~> 2.7)
  middleman-dokku!
  octokit (~> 4.0)
  tzinfo-data
  wdm (~> 0.1)

RUBY VERSION
   ruby 2.6.3p62

BUNDLED WITH
   1.17.2
